GEM
  remote: https://rubygems.org/
  specs:
    ffi (1.16.3)
    z3 (0.0.20230311)
      ffi (~> 1.9)

PLATFORMS
  arm64-darwin-22

DEPENDENCIES
  z3

BUNDLED WITH
   2.4.22
