GEM
  remote: https://rubygems.org/
  specs:
    algorithms (1.0.1)

PLATFORMS
  arm64-darwin-22

DEPENDENCIES
  algorithms

BUNDLED WITH
   2.4.22
