GEM
  remote: https://rubygems.org/
  specs:
    priority_queue_cxx (0.3.6)

PLATFORMS
  arm64-darwin-22

DEPENDENCIES
  priority_queue_cxx

BUNDLED WITH
   2.4.22
